PATH
  remote: .
  specs:
    redis_int52_autoincrement (1.0.1)

GEM
  remote: https://rubygems.org/
  specs:
    ansi (1.5.0)
    builder (3.3.0)
    connection_pool (2.4.1)
    minitest (5.25.4)
    minitest-reporters (1.7.1)
      ansi
      builder
      minitest (>= 5.0)
      ruby-progressbar
    rake (0.8.7)
    redis (5.0.8)
      redis-client (>= 0.17.0)
    redis-client (0.19.1)
      connection_pool
    ruby-progressbar (1.13.0)

PLATFORMS
  ruby

DEPENDENCIES
  minitest
  minitest-reporters
  rake
  redis
  redis_int52_autoincrement!

BUNDLED WITH
   2.4.7
